GEM
  remote: http://rubygems.org/
  specs:
    chartkick (1.3.2)
    rack (1.5.2)
    rack-protection (1.5.3)
      rack
    sinatra (1.4.5)
      rack (~> 1.4)
      rack-protection (~> 1.4)
      tilt (~> 1.3, >= 1.3.4)
    tilt (1.4.1)
    yahoofinance (1.2.2)

PLATFORMS
  ruby

DEPENDENCIES
  chartkick
  sinatra
  yahoofinance
