GEM
  remote: http://rubygems.org/
  specs:
    chartkick (1.3.2)
    json (1.8.1)
    mime-types (2.4.3)
    netrc (0.10.2)
    rack (1.5.2)
    rack-protection (1.5.3)
      rack
    rest-client (1.7.2)
      mime-types (>= 1.16, < 3.0)
      netrc (~> 0.7)
    sinatra (1.4.5)
      rack (~> 1.4)
      rack-protection (~> 1.4)
      tilt (~> 1.3, >= 1.3.4)
    stock_quote (1.2.0)
      json
      rest-client (~> 1.6)
    tilt (1.4.1)
    yahoofinance (1.2.2)

PLATFORMS
  ruby

DEPENDENCIES
  chartkick
  sinatra
  stock_quote
  yahoofinance
